PATH
  remote: .
  specs:
    rotating_es_loader (0.0.2)
      aws-sdk (~> 2.11.358)
      aws-sdk-resources (~> 2.11.258)
      elasticsearch (~> 5.0.5)
      elasticsearch-extensions (~> 0.0.31)
      faraday_middleware (~> 0.13.1)
      faraday_middleware-aws-signers-v4 (~> 0.1.9)
      logger (~> 1.4.1)
      memoist (~> 0.16.0)
      xml-simple (~> 1.1.5)

GEM
  remote: https://rubygems.org/
  specs:
    ansi (1.5.0)
    ast (2.4.0)
    aws-eventstream (1.0.3)
    aws-sdk (2.11.358)
      aws-sdk-resources (= 2.11.358)
    aws-sdk-core (2.11.358)
      aws-sigv4 (~> 1.0)
      jmespath (~> 1.0)
    aws-sdk-resources (2.11.358)
      aws-sdk-core (= 2.11.358)
    aws-sigv4 (1.1.0)
      aws-eventstream (~> 1.0, >= 1.0.2)
    diff-lcs (1.3)
    elasticsearch (5.0.5)
      elasticsearch-api (= 5.0.5)
      elasticsearch-transport (= 5.0.5)
    elasticsearch-api (5.0.5)
      multi_json
    elasticsearch-extensions (0.0.31)
      ansi
      elasticsearch
    elasticsearch-transport (5.0.5)
      faraday
      multi_json
    faraday (0.15.4)
      multipart-post (>= 1.2, < 3)
    faraday_middleware (0.13.1)
      faraday (>= 0.7.4, < 1.0)
    faraday_middleware-aws-signers-v4 (0.1.9)
      aws-sdk-resources (>= 2, < 3)
      faraday (~> 0.9)
    jaro_winkler (1.5.3)
    jmespath (1.4.0)
    logger (1.4.1)
    memoist (0.16.0)
    multi_json (1.13.1)
    multipart-post (2.1.1)
    parallel (1.17.0)
    parser (2.6.4.1)
      ast (~> 2.4.0)
    rainbow (3.0.0)
    rake (12.3.3)
    rspec (3.8.0)
      rspec-core (~> 3.8.0)
      rspec-expectations (~> 3.8.0)
      rspec-mocks (~> 3.8.0)
    rspec-core (3.8.2)
      rspec-support (~> 3.8.0)
    rspec-expectations (3.8.4)
      diff-lcs (>= 1.2.0, < 2.0)
      rspec-support (~> 3.8.0)
    rspec-mocks (3.8.1)
      diff-lcs (>= 1.2.0, < 2.0)
      rspec-support (~> 3.8.0)
    rspec-support (3.8.2)
    rubocop (0.74.0)
      jaro_winkler (~> 1.5.1)
      parallel (~> 1.10)
      parser (>= 2.6)
      rainbow (>= 2.2.2, < 4.0)
      ruby-progressbar (~> 1.7)
      unicode-display_width (>= 1.4.0, < 1.7)
    rubocop-rspec (1.35.0)
      rubocop (>= 0.60.0)
    ruby-progressbar (1.10.1)
    unicode-display_width (1.6.0)
    xml-simple (1.1.5)

PLATFORMS
  ruby

DEPENDENCIES
  rake (~> 12.3.3)
  rotating_es_loader!
  rspec (~> 3.8.0)
  rubocop (~> 0.74.0)
  rubocop-rspec (~> 1.35.0)

BUNDLED WITH
   1.17.3
